GEM
  remote: http://rubygems.org/
  specs:
    RedCloth (4.2.3)
    aaronh-chronic (0.3.9)
    actionmailer (2.3.9)
      actionpack (= 2.3.9)
    actionpack (2.3.9)
      activesupport (= 2.3.9)
      rack (~> 1.1.0)
    activemerchant (1.4.1)
      activesupport (>= 1.4.1)
      builder (>= 2.0.0)
    activerecord (2.3.9)
      activesupport (= 2.3.9)
    activerecord-sqlserver-adapter (2.3.18)
      activerecord (~> 2.2)
    activeresource (2.3.9)
      activesupport (= 2.3.9)
    activesupport (2.3.9)
    acts_as_archive (0.3.4)
      also_migrate (= 0.3.4)
      mover (= 0.3.6)
    addressable (2.2.4)
    akephalos (0.2.5)
      capybara (~> 0.4.0)
      jruby-jars
    also_migrate (0.3.4)
    authlogic (2.1.6)
      activesupport
    aws-s3 (0.6.2)
      builder
      mime-types
      xml-simple
    builder (2.1.2)
    capistrano (2.5.19)
      highline
      net-scp (>= 1.0.0)
      net-sftp (>= 2.0.0)
      net-ssh (>= 2.0.14)
      net-ssh-gateway (>= 1.0.0)
    capybara (0.4.0)
      celerity (>= 0.7.9)
      culerity (>= 0.2.4)
      mime-types (>= 1.16)
      nokogiri (>= 1.3.3)
      rack (>= 1.0.0)
      rack-test (>= 0.5.4)
      selenium-webdriver (>= 0.0.27)
      xpath (~> 0.1.2)
    celerity (0.9.2)
    childprocess (0.1.6)
      ffi (~> 0.6.3)
    cocaine (0.2.0)
    columnize (0.3.2)
    configuration (1.2.0)
    crack (0.1.8)
    cucumber (0.8.5)
      builder (~> 2.1.2)
      diff-lcs (~> 1.1.2)
      gherkin (~> 2.1.4)
      json_pure (~> 1.4.3)
      term-ansicolor (~> 1.0.4)
    cucumber-rails (0.3.2)
      cucumber (>= 0.8.0)
    culerity (0.2.15)
    daemons (1.0.10)
    database_cleaner (0.6.0)
    delayed_job (2.0.7)
      activesupport (~> 2.0)
      daemons (= 1.0.10)
    delayed_paperclip (0.7.2)
      paperclip (~> 2.3.0)
    diff-lcs (1.1.2)
    domainatrix (0.0.10)
      addressable
    enumerated_attribute (0.2.16)
      meta_programming (>= 0.2.1)
    factory_girl (1.3.3)
    faker (0.9.4)
      i18n (~> 0.4)
    fastercsv (1.5.4)
    ffi (0.6.3)
      rake (>= 0.8.7)
    gherkin (2.1.4)
      trollop (~> 1.16.2)
    highline (1.6.1)
    hoptoad_notifier (2.4.9)
      activesupport
      builder
    httpclient (2.2.1)
    i18n (0.5.0)
    jrails (0.6.0)
    jruby-jars (1.6.3)
    json_pure (1.4.6)
    launchy (0.3.7)
      configuration (>= 0.0.5)
      rake (>= 0.8.1)
    linecache (0.43)
    liquid (2.2.2)
    mechanize (1.0.0)
      nokogiri (>= 1.2.1)
    meta_programming (0.2.2)
    mime-types (1.16)
    mocha (0.9.10)
      rake
    mover (0.3.6)
    mysql (2.8.1)
    navigasmic (0.5.5)
    net-http-digest_auth (1.1.1)
    net-http-persistent (1.8.1)
    net-scp (1.0.4)
      net-ssh (>= 1.99.1)
    net-sftp (2.0.5)
      net-ssh (>= 2.0.9)
    net-ssh (2.1.0)
    net-ssh-gateway (1.0.1)
      net-ssh (>= 1.99.1)
    nokogiri (1.5.0)
    paperclip (2.3.16)
      activerecord (>= 2.3.0)
      activesupport (>= 2.3.2)
      cocaine (>= 0.0.2)
      mime-types
    pg (0.10.1)
    pickle (0.4.4)
      cucumber (>= 0.8)
      rake
      rspec (>= 1.3)
      yard
    rack (1.1.0)
    rack-test (0.5.4)
      rack (>= 1.0)
    rails (2.3.9)
      actionmailer (= 2.3.9)
      actionpack (= 2.3.9)
      activerecord (= 2.3.9)
      activeresource (= 2.3.9)
      activesupport (= 2.3.9)
      rake (>= 0.8.3)
    rake (0.8.7)
    rbx-require-relative (0.0.5)
    rest-client (1.6.1)
      mime-types (>= 1.16)
    rmagick (2.13.1)
    rspec (1.3.1)
    rspec-rails (1.3.3)
      rack (>= 1.0.0)
      rspec (= 1.3.1)
    ruby-debug (0.10.4)
      columnize (>= 0.1)
      ruby-debug-base (~> 0.10.4.0)
    ruby-debug-base (0.10.4)
      linecache (>= 0.3)
    ruby-prof (0.10.7)
    rubyzip (0.9.4)
    searchlogic (2.4.27)
      activerecord (>= 2.0.0)
    selenium-webdriver (0.1.2)
      childprocess (~> 0.1.5)
      ffi (~> 0.6.3)
      json_pure
      rubyzip
    shoulda (2.11.3)
    soap4r (1.5.8)
      httpclient (>= 2.1.1)
    spork (0.8.4)
    term-ansicolor (1.0.5)
    timecop (0.3.5)
    trollop (1.16.2)
    webmock (1.6.2)
      addressable (>= 2.2.2)
      crack (>= 0.1.7)
    webrobots (0.0.11)
      nokogiri (>= 1.4.4)
    whenever (0.6.2)
      aaronh-chronic (>= 0.3.9)
      activesupport (>= 2.3.4)
    will_paginate (2.3.15)
    wizardly (0.1.8.9)
    xml-simple (1.0.13)
    xpath (0.1.3)
      nokogiri (~> 1.3)
    yard (0.6.4)

PLATFORMS
  ruby

DEPENDENCIES
  RedCloth (= 4.2.3)
  aaronh-chronic (= 0.3.9)
  actionmailer (= 2.3.9)
  actionpack (= 2.3.9)
  activemerchant (= 1.4.1)
  activerecord (= 2.3.9)
  activerecord-sqlserver-adapter (= 2.3.18)
  activeresource (= 2.3.9)
  activesupport (= 2.3.9)
  acts_as_archive (= 0.3.4)
  addressable (= 2.2.4)
  akephalos (= 0.2.5)
  also_migrate (= 0.3.4)
  authlogic (= 2.1.6)
  aws-s3 (= 0.6.2)
  builder (= 2.1.2)
  capistrano (= 2.5.19)
  capybara (= 0.4.0)
  childprocess (= 0.1.6)
  cocaine (= 0.2.0)
  columnize (= 0.3.2)
  configuration (= 1.2.0)
  crack (= 0.1.8)
  cucumber (= 0.8.5)
  cucumber-rails (= 0.3.2)
  culerity (= 0.2.15)
  daemons (= 1.0.10)
  database_cleaner (= 0.6.0)
  delayed_job (= 2.0.7)
  delayed_paperclip
  diff-lcs (= 1.1.2)
  domainatrix (= 0.0.10)
  enumerated_attribute (= 0.2.16)
  factory_girl (= 1.3.3)
  faker (= 0.9.4)
  fastercsv (= 1.5.4)
  ffi (= 0.6.3)
  gherkin (= 2.1.4)
  highline (= 1.6.1)
  hoptoad_notifier (= 2.4.9)
  httpclient (= 2.2.1)
  i18n (= 0.5.0)
  jrails (= 0.6.0)
  jruby-jars (= 1.6.3)
  json_pure (= 1.4.6)
  launchy (= 0.3.7)
  linecache (= 0.43)
  liquid (= 2.2.2)
  mechanize (= 1.0.0)
  meta_programming (= 0.2.2)
  mime-types (= 1.16)
  mocha (= 0.9.10)
  mover (= 0.3.6)
  mysql (= 2.8.1)
  navigasmic (= 0.5.5)
  net-http-digest_auth (= 1.1.1)
  net-http-persistent (= 1.8.1)
  net-scp (= 1.0.4)
  net-sftp (= 2.0.5)
  net-ssh (= 2.1.0)
  net-ssh-gateway (= 1.0.1)
  nokogiri (= 1.5.0)
  paperclip (= 2.3.16)
  pg (= 0.10.1)
  pickle (= 0.4.4)
  rack (= 1.1.0)
  rack-test (= 0.5.4)
  rails (= 2.3.9)
  rake (= 0.8.7)
  rbx-require-relative (= 0.0.5)
  rest-client (= 1.6.1)
  rmagick (= 2.13.1)
  rspec (= 1.3.1)
  rspec-rails (= 1.3.3)
  ruby-debug (= 0.10.4)
  ruby-debug-base (= 0.10.4)
  ruby-prof (= 0.10.7)
  rubyzip (= 0.9.4)
  searchlogic (= 2.4.27)
  selenium-webdriver (= 0.1.2)
  shoulda (= 2.11.3)
  soap4r (= 1.5.8)
  spork (= 0.8.4)
  term-ansicolor (= 1.0.5)
  timecop (= 0.3.5)
  trollop (= 1.16.2)
  webmock (= 1.6.2)
  webrobots (= 0.0.11)
  whenever (= 0.6.2)
  will_paginate (= 2.3.15)
  wizardly (= 0.1.8.9)
  xml-simple (= 1.0.13)
  xpath (= 0.1.3)
  yard (= 0.6.4)
