GEM
  remote: http://rubygems.org/
  specs:
    RedCloth (4.2.3)
    actionmailer (2.3.9)
      actionpack (= 2.3.9)
    actionpack (2.3.9)
      activesupport (= 2.3.9)
      rack (~> 1.1.0)
    activerecord (2.3.9)
      activesupport (= 2.3.9)
    activeresource (2.3.9)
      activesupport (= 2.3.9)
    activesupport (2.3.9)
    acts_as_archive (0.3.4)
      also_migrate (= 0.3.4)
      mover (= 0.3.6)
    also_migrate (0.3.4)
    authlogic (2.1.6)
      activesupport
    aws-s3 (0.6.2)
      builder
      mime-types
      xml-simple
    builder (2.1.2)
    capistrano (2.5.19)
      highline
      net-scp (>= 1.0.0)
      net-sftp (>= 2.0.0)
      net-ssh (>= 2.0.14)
      net-ssh-gateway (>= 1.0.0)
    capybara (0.3.9)
      culerity (>= 0.2.4)
      mime-types (>= 1.16)
      nokogiri (>= 1.3.3)
      rack (>= 1.0.0)
      rack-test (>= 0.5.4)
      selenium-webdriver (>= 0.0.3)
    childprocess (0.1.6)
      ffi (~> 0.6.3)
    columnize (0.3.2)
    configuration (1.2.0)
    cucumber (0.8.5)
      builder (~> 2.1.2)
      diff-lcs (~> 1.1.2)
      gherkin (~> 2.1.4)
      json_pure (~> 1.4.3)
      term-ansicolor (~> 1.0.4)
    cucumber-rails (0.3.2)
      cucumber (>= 0.8.0)
    culerity (0.2.15)
    daemons (1.1.0)
    database_cleaner (0.6.0)
    delayed_job (2.0.3)
      daemons
    delayed_paperclip (0.6.5)
      paperclip (>= 2.3.0)
    diff-lcs (1.1.2)
    enumerated_attribute (0.2.16)
      meta_programming (>= 0.2.1)
    factory_girl (1.3.3)
    faker (0.9.4)
      i18n (~> 0.4)
    fastercsv (1.5.4)
    ffi (0.6.3)
      rake (>= 0.8.7)
    gherkin (2.1.5)
      trollop (~> 1.16.2)
    highline (1.6.1)
    httpclient (2.1.6.1)
    i18n (0.5.0)
    jrails (0.6.0)
    json_pure (1.4.6)
    launchy (0.3.7)
      configuration (>= 0.0.5)
      rake (>= 0.8.1)
    linecache (0.43)
    mechanize (1.0.0)
      nokogiri (>= 1.2.1)
    meta_programming (0.2.2)
    mime-types (1.16)
    mocha (0.9.10)
      rake
    mover (0.3.6)
    mysql (2.8.1)
    navigasmic (0.5.5)
    net-scp (1.0.4)
      net-ssh (>= 1.99.1)
    net-sftp (2.0.5)
      net-ssh (>= 2.0.9)
    net-ssh (2.1.0)
    net-ssh-gateway (1.0.1)
      net-ssh (>= 1.99.1)
    nokogiri (1.4.4)
    paperclip (2.3.8)
      activerecord
      activesupport
    pg (0.10.1)
    pickle (0.4.4)
      cucumber (>= 0.8)
      rake
      rspec (>= 1.3)
      yard
    rack (1.1.0)
    rack-test (0.5.4)
      rack (>= 1.0)
    rails (2.3.9)
      actionmailer (= 2.3.9)
      actionpack (= 2.3.9)
      activerecord (= 2.3.9)
      activeresource (= 2.3.9)
      activesupport (= 2.3.9)
      rake (>= 0.8.3)
    rake (0.8.7)
    rspec (1.3.1)
    rspec-rails (1.3.3)
      rack (>= 1.0.0)
      rspec (= 1.3.1)
    ruby-debug (0.10.4)
      columnize (>= 0.1)
      ruby-debug-base (~> 0.10.4.0)
    ruby-debug-base (0.10.4)
      linecache (>= 0.3)
    rubyzip (0.9.4)
    searchlogic (2.4.27)
      activerecord (>= 2.0.0)
    selenium-webdriver (0.1.2)
      childprocess (~> 0.1.5)
      ffi (~> 0.6.3)
      json_pure
      rubyzip
    shoulda (2.11.3)
    soap4r (1.5.8)
      httpclient (>= 2.1.1)
    spork (0.8.4)
    term-ansicolor (1.0.5)
    trollop (1.16.2)
    will_paginate (2.3.15)
    wizardly (0.1.8.9)
    xml-simple (1.0.13)
    yard (0.6.4)

PLATFORMS
  ruby

DEPENDENCIES
  RedCloth
  acts_as_archive
  authlogic
  aws-s3
  capistrano
  capybara (= 0.3.9)
  cucumber (= 0.8.5)
  cucumber-rails
  database_cleaner
  delayed_job (= 2.0.3)
  delayed_paperclip
  enumerated_attribute
  factory_girl
  faker
  fastercsv
  gherkin
  httpclient
  jrails
  json_pure
  launchy
  mechanize
  mocha (~> 0.9.8)
  mysql
  navigasmic
  pg
  pickle
  rack-test (= 0.5.4)
  rails (= 2.3.9)
  rspec (= 1.3.1)
  rspec-rails (= 1.3.3)
  ruby-debug
  searchlogic
  shoulda
  soap4r
  spork
  will_paginate
  wizardly
