GIT
  remote: git://github.com/codefire/mover.git
  revision: 1642d086a772743afdf22c9d9fb67059cd42cd6d
  specs:
    mover (0.3.6)

GIT
  remote: git://github.com/comboy/acts_as_archive.git
  revision: 206d255512b1fc5d89d2738160dd576a6f7d657d
  specs:
    acts_as_archive (0.4.0)
      also_migrate (= 0.3.5)
      mover (= 0.3.6)

GEM
  remote: http://rubygems.org/
  specs:
    RedCloth (4.2.8)
    aaronh-chronic (0.3.9)
    actionmailer (2.3.9)
      actionpack (= 2.3.9)
    actionpack (2.3.9)
      activesupport (= 2.3.9)
      rack (~> 1.1.0)
    activerecord (2.3.9)
      activesupport (= 2.3.9)
    activerecord-sqlserver-adapter (2.3.20)
      activerecord (~> 2.2)
    activeresource (2.3.9)
      activesupport (= 2.3.9)
    activesupport (2.3.9)
    addressable (2.2.6)
    akephalos (0.2.5)
      capybara (~> 0.4.0)
      jruby-jars
    also_migrate (0.3.5)
    authlogic (2.1.6)
      activesupport
    aws-s3 (0.6.2)
      builder
      mime-types
      xml-simple
    builder (2.1.2)
    capistrano (2.8.0)
      highline
      net-scp (>= 1.0.0)
      net-sftp (>= 2.0.0)
      net-ssh (>= 2.0.14)
      net-ssh-gateway (>= 1.1.0)
    capybara (0.4.1.2)
      celerity (>= 0.7.9)
      culerity (>= 0.2.4)
      mime-types (>= 1.16)
      nokogiri (>= 1.3.3)
      rack (>= 1.0.0)
      rack-test (>= 0.5.4)
      selenium-webdriver (>= 0.0.27)
      xpath (~> 0.1.3)
    celerity (0.9.0)
    childprocess (0.2.2)
      ffi (~> 1.0.6)
    cocaine (0.2.0)
    columnize (0.3.4)
    crack (0.1.8)
    cucumber (0.8.5)
      builder (~> 2.1.2)
      diff-lcs (~> 1.1.2)
      gherkin (~> 2.1.4)
      json_pure (~> 1.4.3)
      term-ansicolor (~> 1.0.4)
    cucumber-rails (0.3.2)
      cucumber (>= 0.8.0)
    culerity (0.2.15)
    daemons (1.0.10)
    database_cleaner (0.6.7)
    delayed_job (2.0.7)
      activesupport (~> 2.0)
      daemons (= 1.0.10)
    delayed_paperclip (0.7.2)
      paperclip (~> 2.3.0)
    diff-lcs (1.1.3)
    domainatrix (0.0.10)
      addressable
    enumerated_attribute (0.2.16)
      meta_programming (>= 0.2.1)
    factory_girl (2.0.4)
    faker (0.9.5)
      i18n (~> 0.4)
    fastercsv (1.5.4)
    ffi (1.0.9)
    gherkin (2.1.4)
      trollop (~> 1.16.2)
    highline (1.6.2)
    hoptoad_notifier (2.4.11)
      activesupport
      builder
    httpclient (2.2.1)
    i18n (0.5.0)
    jrails (0.6.0)
    jruby-jars (1.6.3)
    json_pure (1.4.6)
    launchy (2.0.5)
      addressable (~> 2.2.6)
    linecache (0.46)
      rbx-require-relative (> 0.0.4)
    liquid (2.2.2)
    mechanize (2.0.1)
      net-http-digest_auth (~> 1.1, >= 1.1.1)
      net-http-persistent (~> 1.8)
      nokogiri (~> 1.4)
      webrobots (~> 0.0, >= 0.0.9)
    meta_programming (0.2.2)
    mime-types (1.16)
    mocha (0.9.12)
    mysql (2.8.1)
    navigasmic (0.5.6)
    net-http-digest_auth (1.1.1)
    net-http-persistent (1.8.1)
    net-scp (1.0.4)
      net-ssh (>= 1.99.1)
    net-sftp (2.0.5)
      net-ssh (>= 2.0.9)
    net-ssh (2.2.0)
    net-ssh-gateway (1.1.0)
      net-ssh (>= 1.99.1)
    nokogiri (1.5.0)
    paperclip (2.3.16)
      activerecord (>= 2.3.0)
      activesupport (>= 2.3.2)
      cocaine (>= 0.0.2)
      mime-types
    pg (0.11.0)
    pickle (0.4.10)
      cucumber (>= 0.8)
      rake
    rack (1.1.0)
    rack-test (0.5.4)
      rack (>= 1.0)
    rails (2.3.9)
      actionmailer (= 2.3.9)
      actionpack (= 2.3.9)
      activerecord (= 2.3.9)
      activeresource (= 2.3.9)
      activesupport (= 2.3.9)
      rake (>= 0.8.3)
    rake (0.9.2)
    rbx-require-relative (0.0.5)
    rest-client (1.6.3)
      mime-types (>= 1.16)
    rspec (1.3.1)
    rspec-rails (1.3.3)
      rack (>= 1.0.0)
      rspec (= 1.3.1)
    ruby-debug (0.10.4)
      columnize (>= 0.1)
      ruby-debug-base (~> 0.10.4.0)
    ruby-debug-base (0.10.4)
      linecache (>= 0.3)
    ruby-prof (0.10.8)
    rubyzip (0.9.4)
    searchlogic (2.4.28)
      activerecord (>= 2.0.0)
    selenium-webdriver (2.7.0)
      childprocess (>= 0.2.1)
      ffi (>= 1.0.7)
      json_pure
      rubyzip
    shoulda (2.11.3)
    soap4r (1.5.8)
      httpclient (>= 2.1.1)
    spork (0.8.5)
    term-ansicolor (1.0.6)
    timecop (0.3.5)
    trollop (1.16.2)
    webmock (1.7.4)
      addressable (~> 2.2, > 2.2.5)
      crack (>= 0.1.7)
    webrobots (0.0.11)
      nokogiri (>= 1.4.4)
    whenever (0.6.8)
      aaronh-chronic (>= 0.3.9)
      activesupport (>= 2.3.4)
    will_paginate (2.3.15)
    wizardly (0.1.8.9)
    xml-simple (1.1.0)
    xpath (0.1.4)
      nokogiri (~> 1.3)

PLATFORMS
  ruby

DEPENDENCIES
  RedCloth
  activerecord-sqlserver-adapter
  acts_as_archive!
  akephalos
  authlogic
  aws-s3
  capistrano
  capybara (= 0.4.1.2)
  cucumber (= 0.8.5)
  cucumber-rails
  database_cleaner
  delayed_job (= 2.0.7)
  delayed_paperclip
  domainatrix
  enumerated_attribute
  factory_girl
  faker (= 0.9.5)
  fastercsv
  gherkin (= 2.1.4)
  hoptoad_notifier
  httpclient
  i18n (= 0.5.0)
  jrails
  json_pure
  launchy
  liquid
  mechanize
  mocha (~> 0.9.8)
  mover!
  mysql
  navigasmic
  pg
  pickle (= 0.4.10)
  rack (= 1.1.0)
  rack-test (= 0.5.4)
  rails (= 2.3.9)
  rake (= 0.9.2)
  rest-client
  rspec (= 1.3.1)
  rspec-rails (= 1.3.3)
  ruby-debug
  ruby-prof
  searchlogic
  selenium-webdriver
  shoulda
  soap4r
  spork
  timecop
  webmock
  whenever
  will_paginate (= 2.3.15)
  wizardly
